GEM
  remote: https://rubygems.org/
  specs:
    httparty (0.14.0)
      multi_xml (>= 0.5.2)
    multi_xml (0.6.0)
    thumbtack (1.1.1)

PLATFORMS
  ruby

DEPENDENCIES
  httparty
  thumbtack

BUNDLED WITH
   1.13.6
