GEM
  remote: https://rubygems.org/
  specs:
    dotenv (2.2.0)
    httparty (0.14.0)
      multi_xml (>= 0.5.2)
    multi_xml (0.6.0)
    thumbtack (1.1.1)

PLATFORMS
  ruby

DEPENDENCIES
  dotenv
  httparty
  thumbtack

BUNDLED WITH
   1.14.6
